GEM
  remote: http://rubygems.org/
  specs:
    ffi (1.0.11-java)
    git (1.2.5)
    guard (1.0.0)
      ffi (>= 0.5.0)
      thor (~> 0.14.6)
    guard-test (0.4.3)
      guard (>= 0.4)
      test-unit (~> 2.2)
    jdbc-h2 (1.3.154)
    jeweler (1.8.3)
      bundler (~> 1.0)
      git (>= 1.2.5)
      rake
      rdoc
    json (1.6.5-java)
    metaclass (0.0.1)
    mocha (0.10.5)
      metaclass (~> 0.0.1)
    rack (1.4.1)
    rack-protection (1.2.0)
      rack
    rack-test (0.6.1)
      rack (>= 1.0)
    rake (0.9.2.2)
    rdoc (3.12)
      json (~> 1.4)
    sequel (3.33.0)
    sinatra (1.3.2)
      rack (~> 1.3, >= 1.3.6)
      rack-protection (~> 1.2)
      tilt (~> 1.3, >= 1.3.3)
    swt (0.12)
    test-unit (2.4.8)
    thor (0.14.6)
    tilt (1.3.3)

PLATFORMS
  java

DEPENDENCIES
  bundler (~> 1.0.0)
  guard-test
  jdbc-h2
  jeweler (~> 1.8.3)
  mocha
  rack-test
  rdoc (~> 3.12)
  sequel
  sinatra
  swt
  test-unit
